GEM
  remote: https://rubygems.org/
  specs:
    activesupport (6.1.7.1)
      concurrent-ruby (~> 1.0, >= 1.0.2)
      i18n (>= 1.6, < 2)
      minitest (>= 5.1)
      tzinfo (~> 2.0)
      zeitwerk (~> 2.3)
    concurrent-ruby (1.1.10)
    faraday (0.17.3)
      multipart-post (>= 1.2, < 3)
    faraday_middleware (0.14.0)
      faraday (>= 0.7.4, < 1.0)
    hashie (4.1.0)
    httparty (0.18.1)
      mime-types (~> 3.0)
      multi_xml (>= 0.5.2)
    i18n (1.12.0)
      concurrent-ruby (~> 1.0)
    mime-types (3.3.1)
      mime-types-data (~> 3.2015)
    mime-types-data (3.2020.0512)
    minitest (5.17.0)
    multi_xml (0.6.0)
    multipart-post (2.1.1)
    pager_duty-connection (1.3.0)
      activesupport (>= 3.2, < 7.0)
      faraday (~> 0.8, < 1.0)
      faraday_middleware (~> 0.8, < 1.0)
      hashie (>= 1.2)
    ruby_http_client (3.5.0)
    sendgrid-ruby (6.3.1)
      ruby_http_client (~> 3.4)
    tzinfo (2.0.5)
      concurrent-ruby (~> 1.0)
    zeitwerk (2.6.6)

PLATFORMS
  ruby

DEPENDENCIES
  httparty!
  pager_duty-connection!
  sendgrid-ruby!

BUNDLED WITH
   1.16.1
